NUGET
  remote: https://nuget.org/api/v2
  specs:
    FAKE (3.8.5)
    FSharp.Compiler.Service (0.0.67)
    FSharp.Formatting (2.4.36)
      FSharp.Compiler.Service (0.0.67)
      Microsoft.AspNet.Razor (2.0.30506.0)
      RazorEngine (3.3.0)
    Microsoft.AspNet.Razor (2.0.30506.0)
    Microsoft.Bcl (1.1.9)
      Microsoft.Bcl.Build (>= 1.0.14)
    Microsoft.Bcl.Build (1.0.21)
    Microsoft.Net.Http (2.2.28)
      Microsoft.Bcl (>= 1.1.9)
      Microsoft.Bcl.Build (>= 1.0.14)
    NuGet.CommandLine (2.8.3)
    NUnit (2.6.3)
    NUnit.Runners (2.6.3)
    Octokit (0.5.2)
      Microsoft.Net.Http (>= 0)
    RazorEngine (3.3.0)
      Microsoft.AspNet.Razor (>= 2.0.30506.0)
    SourceLink.Fake (0.4.2)
GITHUB
  remote: fsharp/FAKE
  specs:
    modules/Octokit/Octokit.fsx (35cf8948f134054ef10de56349677d4212e58cd8)
      Octokit (>= 0)
  remote: mavnn/Algebra.Boolean
  specs:
    Algebra.Boolean/Transforms.fs (6b2099420ef605e3b3f818883db957154afa836a)
  remote: fsprojects/FSharp.TypeProviders.StarterPack
  specs:
    src/ProvidedTypes.fs (97b242b82bc55acbdd08cd1bf903a9d908dbdd7a)
    src/ProvidedTypes.fsi (97b242b82bc55acbdd08cd1bf903a9d908dbdd7a)
  remote: fsharp/FSharp.Data
  specs:
    src/CommonRuntime/IO.fs (0d48470359eff76d39068b601ce9818a0aac1960)
    src/CommonRuntime/StructuralTypes.fs (0d48470359eff76d39068b601ce9818a0aac1960)
    src/CommonRuntime/TextConversions.fs (0d48470359eff76d39068b601ce9818a0aac1960)
    src/CommonRuntime/TextRuntime.fs (0d48470359eff76d39068b601ce9818a0aac1960)
    src/Json/JsonConversions.fs (0d48470359eff76d39068b601ce9818a0aac1960)
    src/Json/JsonExtensions.fs (0d48470359eff76d39068b601ce9818a0aac1960)
    src/Json/JsonRuntime.fs (0d48470359eff76d39068b601ce9818a0aac1960)
    src/Json/JsonValue.fs (0d48470359eff76d39068b601ce9818a0aac1960)
    src/Net/Http.fs (0d48470359eff76d39068b601ce9818a0aac1960)
    src/Net/UriUtils.fs (0d48470359eff76d39068b601ce9818a0aac1960)